PATH
  remote: .
  specs:
    collectd-plot (0.0.1)
      errand (= 0.7.3)
      haml (= 3.1.4)
      httparty
      librrd (= 1.0.2)
      redis (>= 2.2.2)
      sinatra (= 1.3.2)
      tilt (= 1.3.3)
      unicorn

GEM
  remote: http://rubygems.org/
  specs:
    colorize (0.5.8)
    diff-lcs (1.1.3)
    errand (0.7.3)
    haml (3.1.4)
    httparty (0.8.3)
      multi_json (~> 1.0)
      multi_xml
    kgio (2.7.4)
    librrd (1.0.2)
    multi_json (1.3.6)
    multi_xml (0.6.0)
    nokogiri (1.5.5)
    rack (1.4.1)
    rack-protection (1.2.0)
      rack
    rack-test (0.6.1)
      rack (>= 1.0)
    raindrops (0.10.0)
    rake (0.9.2.2)
    redis (3.0.1)
    rspec (2.11.0)
      rspec-core (~> 2.11.0)
      rspec-expectations (~> 2.11.0)
      rspec-mocks (~> 2.11.0)
    rspec-core (2.11.0)
    rspec-expectations (2.11.1)
      diff-lcs (~> 1.1.3)
    rspec-mocks (2.11.1)
    shotgun (0.9)
      rack (>= 1.0)
    sinatra (1.3.2)
      rack (~> 1.3, >= 1.3.6)
      rack-protection (~> 1.2)
      tilt (~> 1.3, >= 1.3.3)
    tilt (1.3.3)
    unicorn (4.3.1)
      kgio (~> 2.6)
      rack
      raindrops (~> 0.7)
    webrat (0.7.3)
      nokogiri (>= 1.2.0)
      rack (>= 1.0)
      rack-test (>= 0.5.3)

PLATFORMS
  ruby

DEPENDENCIES
  collectd-plot!
  colorize
  rack-test
  rake
  rspec
  shotgun
  webrat
